GEM
  specs:

PLATFORMS
  ruby

DEPENDENCIES
  bundler
