PATH
  remote: .
  specs:
    bundle-info (0.0.1)

GEM
  remote: https://rubygems.org/
  specs:

PLATFORMS
  ruby

DEPENDENCIES
  bundle-info!
  bundler
